GEM
  remote: https://rubygems.org/
  specs:
    builder (3.2.2)
    diff-lcs (1.2.5)
    jwt (1.0.0)
    multi_json (1.10.1)
    rspec (3.1.0)
      rspec-core (~> 3.1.0)
      rspec-expectations (~> 3.1.0)
      rspec-mocks (~> 3.1.0)
    rspec-collection_matchers (1.0.0)
      rspec-expectations (>= 2.99.0.beta1)
    rspec-core (3.1.7)
      rspec-support (~> 3.1.0)
    rspec-expectations (3.1.2)
      diff-lcs (>= 1.2.0, < 2.0)
      rspec-support (~> 3.1.0)
    rspec-mocks (3.1.3)
      rspec-support (~> 3.1.0)
    rspec-support (3.1.2)
    twilio-ruby (3.11.5)
      builder (>= 2.1.2)
      jwt (>= 0.1.2)
      multi_json (>= 1.3.0)

PLATFORMS
  ruby

DEPENDENCIES
  rspec (~> 3.1.0)
  rspec-collection_matchers (~> 1.0.0)
  twilio-ruby (= 3.11.5)
